PATH
  remote: .
  specs:
    evt-aggregate (0.1.0.0)
      evt-entity_projection
      evt-messaging

GEM
  remote: https://rubygems.org/
  specs:
    evt-async_invocation (0.1.0.4)
    evt-attribute (0.1.3.5)
    evt-casing (0.3.0.3)
    evt-clock (0.4.0.7)
      naught
      tzinfo
    evt-dependency (0.1.0.4)
      evt-subst_attr
    evt-entity_projection (0.3.0.3)
      evt-messaging
    evt-identifier-uuid (0.1.1.3)
      naught
    evt-initializer (0.1.0.2)
      evt-attribute
    evt-log (0.4.3.5)
      evt-clock
      evt-dependency
      evt-initializer
      evt-telemetry
      terminal_colors
    evt-message_store (0.2.1.0)
      evt-async_invocation
      evt-casing
      evt-identifier-uuid
      evt-initializer
      evt-schema
      evt-transform
      evt-virtual
    evt-messaging (0.21.0.0)
      evt-message_store
    evt-schema (0.6.1.1)
      evt-attribute
      evt-set_attributes
      evt-validate
      evt-virtual
    evt-set_attributes (0.3.0.2)
    evt-subst_attr (0.1.0.2)
      evt-attribute
      naught
    evt-telemetry (0.3.1.0)
      evt-clock
      evt-dependency
    evt-transform (0.1.2.0)
      evt-log
    evt-validate (0.3.1.5)
    evt-virtual (0.1.0.2)
    naught (1.1.0)
    terminal_colors (0.0.0)
    test_bench (1.3.4)
    thread_safe (0.3.6)
    tzinfo (1.2.3)
      thread_safe (~> 0.1)

PLATFORMS
  ruby

DEPENDENCIES
  evt-aggregate!
  test_bench

BUNDLED WITH
   1.15.4
